PATH
  remote: .
  specs:
    tabler_icons (0.1.0)

GEM
  remote: https://rubygems.org/
  specs:
    rake (13.0.6)

PLATFORMS
  arm64-darwin-21

DEPENDENCIES
  rake (~> 13.0)
  tabler_icons!

BUNDLED WITH
   2.3.15
